{
    "TaskName": "innerspeech",
    "Manufacturer": "BrainProducts",
    "ManufacturersModelName": "BrainAmp MR plus",
    "CapManufacturer": "BrainProducts",
    "CapManufacturersModelName": "BrainCap MR",
    "EEGReference": "FCz",
    "SamplingFrequency": 5000.0,
    "PowerLineFrequency": 50,
    "EEGChannelCount": 64,
    "EOGChannelCount": 0,
    "ECGChannelCount": 1,
    "EMGChannelCount": 0,
    "MiscChannelCount": 1,
    "SoftwareFilters": "n/a",
    "RecordingType": "continuous",
    "RecordingDuration": 1808.5316,
    "EEGGround": "AFz",
    "EEGPlacementScheme": "10-20",
    "DataFormat": "BINARY",
    "DataOrientation": "MULTIPLEXED",
    "BinaryFormat": "IEEE_FLOAT_32",
    "DigitizedLandmarks": false,
    "DigitizedHeadPoints": false
}