{
	"Modality": "MR",
	"MagneticFieldStrength": 3,
	"ImagingFrequency": 127.753,
	"Manufacturer": "GE",
	"ManufacturersModelName": "SIGNA Premier",
	"BodyPartExamined": "BRAIN",
	"PatientPosition": "HFS",
	"SoftwareVersions": "29\\LX\\RX29.1_R02_2131.a",
	"MRAcquisitionType": "3D",
	"SeriesDescription": "3D Sag T1 MP-RAGE",
	"ProtocolName": "3D Sag T1 MP-RAGE",
	"ScanningSequence": "RM\\IR",
	"SequenceVariant": "NONE",
	"ScanOptions": "EDR_GEMS\\FILTERED_GEMS\\ACC_GEMS\\FSS_GEMS\\IR_GEMS",
	"PulseSequenceName": "MP-RAGE",
	"ImageType": ["ORIGINAL", "PRIMARY", "OTHER"],
	"SeriesNumber": 3,
	"AcquisitionTime": "12:13:58.000000",
	"AcquisitionNumber": 1,
	"SliceThickness": 0.99,
	"SpacingBetweenSlices": 0.5,
	"SAR": 0.0819304,
	"EchoTime": 0.002836,
	"RepetitionTime": 2.56562,
	"InversionTime": 1,
	"FlipAngle": 8,
	"ShimSetting": [
		18,
		51,
		-216	],
	"PrescanReuseString": "RN/s1,Coil/s1",
	"CoilString": "48HAP",
	"PercentPhaseFOV": 100,
	"PercentSampling": 100,
	"AcquisitionMatrixPE": 240,
	"ReconMatrixPE": 512,
	"ParallelReductionFactorInPlane": 2,
	"PixelBandwidth": 122.07,
	"ImageOrientationPatientDICOM": [
		-0,
		1,
		0,
		-0,
		-0,
		-1	],
	"InPlanePhaseEncodingDirectionDICOM": "ROW",
	"ConversionSoftware": "dcm2niix",
	"ConversionSoftwareVersion": "v1.0.20220720"
}
