{
	"Modality": "MR",
	"MagneticFieldStrength": 3,
	"ImagingFrequency": 127.753,
	"Manufacturer": "GE",
	"InternalPulseSequenceName": "EPI",
	"ManufacturersModelName": "SIGNA Premier",
	"BodyPartExamined": "BRAIN",
	"PatientPosition": "HFS",
	"SoftwareVersions": "29\\LX\\RX29.1_R02_2131.a",
	"MRAcquisitionType": "2D",
	"SeriesDescription": "Ax fMRI Task State 2",
	"ProtocolName": "Ax fMRI Task State 2",
	"ScanningSequence": "EP\\GR",
	"SequenceVariant": "SS",
	"ScanOptions": "EPI_GEMS\\ACC_GEMS",
	"PulseSequenceName": "epiRT",
	"ImageType": ["ORIGINAL", "PRIMARY", "EPI", "NONE"],
	"SeriesNumber": 7,
	"AcquisitionTime": "10:00:11.000000",
	"AcquisitionNumber": 1,
	"SliceThickness": 3.4,
	"SpacingBetweenSlices": 3.9,
	"SAR": 0.120601,
	"EchoTime": 0.03,
	"RepetitionTime": 2,
	"FlipAngle": 80,
	"PhaseEncodingPolarityGE": "Flipped",
	"ShimSetting": [
		43,
		-21,
		-119	],
	"PrescanReuseString": "TG/s2,RN/s2,Cal/s2,Coil/s1",
	"CoilString": "48HAP",
	"PercentPhaseFOV": 100,
	"PercentSampling": 100,
	"AcquisitionMatrixPE": 96,
	"ReconMatrixPE": 128,
	"ParallelReductionFactorInPlane": 2,
	"EffectiveEchoSpacing": 0.000207244,
	"TotalReadoutTime": 0.02632,
	"PixelBandwidth": 3906.25,
	"PhaseEncodingDirection": "j",
	"SliceTiming": [
		0,
		1.02703,
		0.0540541,
		1.08108,
		0.108108,
		1.13514,
		0.162162,
		1.18919,
		0.216216,
		1.24324,
		0.27027,
		1.2973,
		0.324324,
		1.35135,
		0.378378,
		1.40541,
		0.432432,
		1.45946,
		0.486486,
		1.51351,
		0.540541,
		1.56757,
		0.594595,
		1.62162,
		0.648649,
		1.67568,
		0.702703,
		1.72973,
		0.756757,
		1.78378,
		0.810811,
		1.83784,
		0.864865,
		1.89189,
		0.918919,
		1.94595,
		0.972973	],
	"ImageOrientationPatientDICOM": [
		0.99477,
		-0.0585565,
		0.0836844,
		0.045707,
		0.987936,
		0.147962	],
	"InPlanePhaseEncodingDirectionDICOM": "COL",
	"ConversionSoftware": "dcm2niix",
	"ConversionSoftwareVersion": "v1.0.20220720",
	"TaskName": "innerspeech"
}
